GEM
  remote: https://rubygems.org/
  specs:
    parslet (1.8.0)

PLATFORMS
  ruby

DEPENDENCIES
  parslet

BUNDLED WITH
   1.15.1
